PATH
  remote: .
  specs:
    lab42_streams (0.1.1)
      forwarder2 (~> 0.2.0)
      lab42_core (~> 0.0.5)

GEM
  remote: https://rubygems.org/
  specs:
    ae (1.8.2)
      ansi
    ansi (1.4.3)
    brass (1.2.1)
    byebug (3.1.2)
      columnize (~> 0.8)
      debugger-linecache (~> 1.2)
    coderay (1.1.0)
    columnize (0.8.9)
    debugger-linecache (1.2.0)
    diff-lcs (1.2.5)
    facets (2.9.3)
    forwarder2 (0.2.0)
    lab42_core (0.0.7)
    method_source (0.8.2)
    pry (0.9.12.6)
      coderay (~> 1.0)
      method_source (~> 0.8)
      slop (~> 3.4)
    pry-nav (0.2.3)
      pry (~> 0.9.10)
    qed (2.9.1)
      ansi
      brass
      facets (>= 2.8)
    rspec (2.14.1)
      rspec-core (~> 2.14.0)
      rspec-expectations (~> 2.14.0)
      rspec-mocks (~> 2.14.0)
    rspec-core (2.14.7)
    rspec-expectations (2.14.4)
      diff-lcs (>= 1.1.3, < 2.0)
    rspec-mocks (2.14.4)
    slop (3.4.7)

PLATFORMS
  ruby

DEPENDENCIES
  ae (~> 1.8)
  byebug (~> 3.1)
  lab42_streams!
  pry (~> 0.9.12)
  pry-nav (~> 0.2)
  qed (~> 2.9)
  rspec (~> 2.14.0)
