PATH
  remote: .
  specs:
    lab42_streams (0.2.0)
      forwarder2 (~> 0.2)
      lab42_core (~> 0.4)

GEM
  remote: https://rubygems.org/
  specs:
    byebug (11.1.1)
    coderay (1.1.2)
    diff-lcs (1.3)
    docile (1.3.2)
    forwarder2 (0.2.0)
    lab42_core (0.5.1)
      forwarder2 (~> 0.2)
    method_source (0.9.2)
    pry (0.12.2)
      coderay (~> 1.1.0)
      method_source (~> 0.9.0)
    pry-byebug (3.8.0)
      byebug (~> 11.0)
      pry (~> 0.10)
    rspec (3.9.0)
      rspec-core (~> 3.9.0)
      rspec-expectations (~> 3.9.0)
      rspec-mocks (~> 3.9.0)
    rspec-core (3.9.1)
      rspec-support (~> 3.9.1)
    rspec-expectations (3.9.0)
      diff-lcs (>= 1.2.0, < 2.0)
      rspec-support (~> 3.9.0)
    rspec-mocks (3.9.1)
      diff-lcs (>= 1.2.0, < 2.0)
      rspec-support (~> 3.9.0)
    rspec-support (3.9.2)
    simplecov (0.18.1)
      docile (~> 1.1)
      simplecov-html (~> 0.11.0)
    simplecov-html (0.11.0)
    speculate_about (0.1.0)
      rspec (~> 3.9)

PLATFORMS
  ruby

DEPENDENCIES
  lab42_streams!
  pry-byebug
  rspec (~> 3.9)
  simplecov
  speculate_about (~> 0.1)

BUNDLED WITH
   2.1.4
